GEM
  remote: https://rubygems.org/
  specs:
    ansi (1.5.0)
    bcrypt_pbkdf (1.1.0)
    ed25519 (1.2.4)
    hashie (5.0.0)
    hocho (0.3.7)
      hashie
      itamae
      net-ssh (>= 4.1.0)
      thor
    itamae (1.14.1)
      ansi
      hashie
      schash (~> 0.1.0)
      specinfra (>= 2.64.0, < 3.0.0)
      thor (>= 1.0.0)
    itamae-secrets (0.2.3)
      thor
    net-scp (4.0.0)
      net-ssh (>= 2.6.5, < 8.0.0)
    net-ssh (7.0.1)
    net-telnet (0.1.1)
    schash (0.1.2)
    sfl (2.3)
    specinfra (2.83.3)
      net-scp
      net-ssh (>= 2.7)
      net-telnet (= 0.1.1)
      sfl
    thor (1.2.1)

PLATFORMS
  x86_64-linux

DEPENDENCIES
  bcrypt_pbkdf
  ed25519
  hocho
  itamae-secrets

BUNDLED WITH
   2.3.25
