GEM
  remote: https://rubygems.org/
  specs:
    ansi (1.5.0)
    ast (2.4.2)
    bcrypt_pbkdf (1.1.0)
    ed25519 (1.2.4)
    hashie (5.0.0)
    hocho (0.3.7)
      hashie
      itamae
      net-ssh (>= 4.1.0)
      thor
    itamae (1.14.1)
      ansi
      hashie
      schash (~> 0.1.0)
      specinfra (>= 2.64.0, < 3.0.0)
      thor (>= 1.0.0)
    itamae-secrets (0.2.3)
      thor
    json (2.7.1)
    language_server-protocol (3.17.0.3)
    net-scp (4.0.0)
      net-ssh (>= 2.6.5, < 8.0.0)
    net-ssh (7.0.1)
    net-telnet (0.1.1)
    parallel (1.24.0)
    parser (3.3.0.5)
      ast (~> 2.4.1)
      racc
    racc (1.7.3)
    rainbow (3.1.1)
    regexp_parser (2.9.0)
    rexml (3.2.6)
    rubocop (1.62.0)
      json (~> 2.3)
      language_server-protocol (>= 3.17.0)
      parallel (~> 1.10)
      parser (>= 3.3.0.2)
      rainbow (>= 2.2.2, < 4.0)
      regexp_parser (>= 1.8, < 3.0)
      rexml (>= 3.2.5, < 4.0)
      rubocop-ast (>= 1.31.1, < 2.0)
      ruby-progressbar (~> 1.7)
      unicode-display_width (>= 2.4.0, < 3.0)
    rubocop-ast (1.31.2)
      parser (>= 3.3.0.4)
    ruby-progressbar (1.13.0)
    schash (0.1.2)
    sfl (2.3)
    specinfra (2.83.3)
      net-scp
      net-ssh (>= 2.7)
      net-telnet (= 0.1.1)
      sfl
    thor (1.2.1)
    unicode-display_width (2.5.0)

PLATFORMS
  x86_64-linux

DEPENDENCIES
  bcrypt_pbkdf
  ed25519
  hocho
  itamae-secrets
  rubocop

BUNDLED WITH
   2.3.25
